GEM
  remote: https://rubygems.org/
  specs:
    childprocess (3.0.0)
    coderay (1.1.3)
    method_source (1.0.0)
    net-http (0.1.1)
      net-protocol
      uri
    net-protocol (0.1.0)
    pry (0.13.1)
      coderay (~> 1.1)
      method_source (~> 1.0)
    rubyzip (2.3.0)
    selenium-webdriver (3.142.7)
      childprocess (>= 0.5, < 4.0)
      rubyzip (>= 1.2.2)
    uri (0.10.1)

PLATFORMS
  ruby

DEPENDENCIES
  net-http
  pry
  rubyzip
  selenium-webdriver

BUNDLED WITH
   2.1.4
